{
      "ConversionSoftware": "dicm2nii.m 20190112",
      "SeriesNumber": 5,
      "SeriesDescription": "ep2d_bold",
      "ImageType": [
            "ORIGINAL",
            "PRIMARY",
            "M",
            "ND",
            "MOSAIC"
      ],
      "Modality": "MR",
      "AcquisitionDateTime": "20150605121022.332500",
      "TotalReadoutTime": 0.037170071,
      "SliceTiming": [1.0025,0,1.07,0.0675,1.1375,0.1325,1.205,0.2,1.27,0.2675,1.3375,0.335,1.405,0.4,1.4725,0.4675,1.5375,0.535,1.605,0.6025,1.6725,0.67,1.74,0.735,1.8075,0.8025,1.8725,0.87,1.94,0.9375],
      "RepetitionTime": 2,
      "PhaseEncodingDirection": "j-",
      "EffectiveEchoSpacing": 0.00059000113,
      "EchoTime": 0.033,
      "PatientSex": "M",
      "PatientAge": "024Y",
      "PatientWeight": 95,
      "PatientPosition": "HFS",
      "SliceThickness": 4,
      "FlipAngle": 90,
      "Manufacturer": "SIEMENS",
      "SoftwareVersion": "syngo MR B17",
      "MRAcquisitionType": "2D",
      "InstitutionName": "UZ",
      "InstitutionAddress": "De Pintelaan 185,Gent /88C96F/,District,BE,9000",
      "DeviceSerialNumber": "35353",
      "ScanningSequence": "EP",
      "SequenceVariant": "SK",
      "ScanOptions": "FS",
      "SequenceName": "*epfid2d1_64",
      "TaskName": "flanker"
}