{
      "ConversionSoftware": "dicm2nii.m 20190112",
      "SeriesNumber": 4,
      "SeriesDescription": "FIELDMAP_siemens",
      "ImageType": [
            "ORIGINAL",
            "PRIMARY",
            "P",
            "ND"
      ],
      "Modality": "MR",
      "AcquisitionDateTime": "20150607160850.130000",
      "RepetitionTime": 0.4,
      "PhaseEncodingDirection": "i",
      "EffectiveEchoSpacing": 0.79066406,
      "EchoTime1": 0.00492,
      "deltaTE": 2.46,
      "EchoTime2": 0.00738,
      "PatientSex": "F",
      "PatientAge": "020Y",
      "PatientWeight": 73,
      "PatientPosition": "HFS",
      "SliceThickness": 4,
      "FlipAngle": 60,
      "Manufacturer": "SIEMENS",
      "SoftwareVersion": "syngo MR B17",
      "MRAcquisitionType": "2D",
      "InstitutionName": "UZ",
      "InstitutionAddress": "De Pintelaan 185,Gent /88C96F/,District,BE,9000",
      "DeviceSerialNumber": "35353",
      "ScanningSequence": "GR",
      "SequenceVariant": "SP",
      "SequenceName": "*fm2d2r"
}