{
      "ConversionSoftware": "dicm2nii.m 20190112",
      "SeriesNumber": 6,
      "SeriesDescription": "ep2d_bold",
      "ImageType": [
            "ORIGINAL",
            "PRIMARY",
            "M",
            "ND",
            "MOSAIC"
      ],
      "Modality": "MR",
      "AcquisitionDateTime": "20150605145320.862500",
      "TotalReadoutTime": 0.037170071,
      "SliceTiming": [1.005,0,1.0725,0.0675,1.1375,0.135,1.205,0.2025,1.2725,0.2675,1.34,0.335,1.405,0.4025,1.4725,0.47,1.54,0.535,1.6075,0.6025,1.675,0.67,1.74,0.7375,1.8075,0.805,1.875,0.87,1.9425,0.9375],
      "RepetitionTime": 2,
      "PhaseEncodingDirection": "j-",
      "EffectiveEchoSpacing": 0.00059000113,
      "EchoTime": 0.033,
      "PatientSex": "F",
      "PatientAge": "022Y",
      "PatientWeight": 74,
      "PatientPosition": "HFS",
      "SliceThickness": 4,
      "FlipAngle": 90,
      "Manufacturer": "SIEMENS",
      "SoftwareVersion": "syngo MR B17",
      "MRAcquisitionType": "2D",
      "InstitutionName": "UZ",
      "InstitutionAddress": "De Pintelaan 185,Gent /88C96F/,District,BE,9000",
      "DeviceSerialNumber": "35353",
      "ScanningSequence": "EP",
      "SequenceVariant": "SK",
      "ScanOptions": "FS",
      "SequenceName": "*epfid2d1_64",
      "TaskName": "flanker"
}