{
      "ConversionSoftware": "dicm2nii.m 20190112",
      "SeriesNumber": 2,
      "SeriesDescription": "T1_mprage",
      "ImageType": [
            "ORIGINAL",
            "PRIMARY",
            "M",
            "ND",
            "NORM"
      ],
      "Modality": "MR",
      "AcquisitionDateTime": "20150612125939.210000",
      "RepetitionTime": 2.25,
      "PhaseEncodingDirection": "j-",
      "EchoTime": 0.00418,
      "InversionTime": 0.9,
      "PatientSex": "F",
      "PatientAge": "024Y",
      "PatientWeight": 59,
      "PatientPosition": "HFS",
      "SliceThickness": 1,
      "FlipAngle": 9,
      "Manufacturer": "SIEMENS",
      "SoftwareVersion": "syngo MR B17",
      "MRAcquisitionType": "3D",
      "InstitutionName": "UZ",
      "InstitutionAddress": "De Pintelaan 185,Gent /88C96F/,District,BE,9000",
      "DeviceSerialNumber": "35353",
      "ScanningSequence": "GR\\IR",
      "SequenceVariant": "SP\\MP",
      "ScanOptions": "IR",
      "SequenceName": "*tfl3d1_ns"
}